GEM
  remote: https://rubygems.org/
  specs:
    cheatset (1.3.3)
      haml
      plist
      redcarpet
      rouge
      sanitize
      sqlite3
      thor
      unindent
    crass (1.0.2)
    haml (4.0.7)
      tilt
    mini_portile2 (2.0.0)
    nokogiri (1.6.7.2)
      mini_portile2 (~> 2.0.0.rc2)
    nokogumbo (1.4.7)
      nokogiri
    plist (3.2.0)
    redcarpet (3.3.4)
    rouge (1.10.1)
    sanitize (4.0.1)
      crass (~> 1.0.2)
      nokogiri (>= 1.4.4)
      nokogumbo (~> 1.4.1)
    sqlite3 (1.3.11)
    thor (0.19.1)
    tilt (2.0.4)
    unindent (1.0)

PLATFORMS
  ruby

DEPENDENCIES
  cheatset

BUNDLED WITH
   1.12.4
