GEM
  remote: https://rubygems.org/
  specs:
    cheatset (1.3.4)
      haml
      plist
      redcarpet
      rouge
      sanitize
      sqlite3
      thor
      unindent
    crass (1.0.3)
    haml (5.0.4)
      temple (>= 0.8.0)
      tilt
    loofah (2.2.2)
      crass (~> 1.0.2)
      nokogiri (>= 1.5.9)
    mini_portile2 (2.3.0)
    nokogiri (1.8.2)
      mini_portile2 (~> 2.3.0)
    nokogumbo (1.5.0)
      nokogiri
    plist (3.4.0)
    redcarpet (3.4.0)
    rouge (3.1.1)
    sanitize (4.6.4)
      crass (~> 1.0.2)
      nokogiri (>= 1.4.4)
      nokogumbo (~> 1.4)
    sqlite3 (1.3.13)
    temple (0.8.0)
    thor (0.20.0)
    tilt (2.0.8)
    unindent (1.0)

PLATFORMS
  ruby

DEPENDENCIES
  cheatset
  loofah (~> 2.2)

BUNDLED WITH
   1.16.1
